GIT
  remote: https://github.com/rack/rack
  revision: f2d2df4016a906beec755b63b4edfcc07b58ee05
  specs:
    rack (2.2.0)

GEM
  remote: https://rubygems.org/
  specs:
    sequel (5.28.0)
    sqlite3 (1.4.2)

PLATFORMS
  ruby

DEPENDENCIES
  rack!
  sequel
  sqlite3

BUNDLED WITH
   1.17.3
